GIT
  remote: https://github.com/fiedl/acts-as-dag
  revision: 5e185dddff6563ee9ee92611555cd9d9a519d280
  branch: sf/rails-5
  specs:
    acts-as-dag (4.0.0)
      activemodel
      activerecord (>= 4.0.0)

GIT
  remote: https://github.com/refile/refile-mini_magick
  revision: 27b6c6c7affcc302a59068b8b3f458cb147c2fa6
  specs:
    refile-mini_magick (0.2.0)
      image_processing (>= 0.4.1, < 1.0)
      mini_magick (>= 4.3.5)
      refile (~> 0.5)

GIT
  remote: https://github.com/sobrinho/refile
  revision: e943b10721ede830e1a986db591080e992aefbd4
  specs:
    refile (0.6.2)
      mime-types
      rest-client (~> 1.8)
      sinatra (>= 2.0.0, <= 3.0.0)

PATH
  remote: ../..
  specs:
    your_platform (1.0.1)
      actionpack (>= 4.2.5.2)
      actionview (>= 5.0.7.2)
      activerecord (>= 4.2.7.1)
      acts-as-dag (>= 4.0)
      acts-as-taggable-on (~> 4.0)
      acts_as_tree
      apipie-rails (~> 0.5)
      auto_html (~> 1.6.4)
      bcrypt (>= 3.0.1)
      biggs
      bundler (>= 1.9.4)
      cancancan (~> 1.15.0)
      carrierwave (~> 0.11)
      charlock_holmes
      chartkick (>= 3.2.0)
      coffee-rails (>= 4.1.0)
      decent_exposure
      devise (>= 3.5.4)
      devise_masquerade (~> 0.5.3)
      devise_token_auth (= 1.1.0)
      discourse_api
      elasticsearch-model
      eventmachine (>= 1.0.7)
      excelinator
      exception_notification
      execjs (>= 2.5.2)
      extended_email_reply_parser
      faker (~> 2.3)
      fiedl-log
      foreman
      formtastic
      gemoji (>= 2.1.0)
      gender_detector
      geocoder
      groupdate
      haml (~> 4.0)
      i18n-js (>= 3.0.0.rc8)
      icalendar
      impressionist (~> 1.6)
      jquery-rails
      json (~> 2.3.0)
      judge
      mail (~> 2.6.6.rc1)
      mail_form
      merit
      mini_magick (>= 4.9.4)
      naturally
      neography
      net-ldap
      nokogiri (>= 1.10.4)
      phony
      prawn (= 2.0.2)
      public_activity (~> 1.4.1)
      rack (>= 1.6.2)
      rack-cors
      rack-mini-profiler
      rack-ssl (>= 1.3.4)
      rails (~> 5.0.0)
      rails-i18n
      rails-settings-cached (>= 0.6.5)
      redcarpet (>= 3.3.2)
      redis (>= 3.3.3)
      redis-namespace
      redis-rails
      refile (>= 0.5.5)
      responders (~> 2.0)
      rest-client (>= 1.8)
      reverse_markdown
      ruby-trello
      rubyzip (>= 1.3.0)
      sass (>= 3.7.4)
      sass-rails
      sepa_king
      sidekiq (~> 4.0)
      simple_form (>= 5.0.0)
      sprockets-rails (>= 2.3.2)
      sugar-rails
      table-formatter
      to_xls
      uglifier (>= 2.7.2)
      vcardigan
      wannabe_bool
      yard (>= 0.9.20)

GEM
  remote: https://rails-assets.org/
  remote: https://rubygems.org/
  specs:
    actioncable (5.0.7.2)
      actionpack (= 5.0.7.2)
      nio4r (>= 1.2, < 3.0)
      websocket-driver (~> 0.6.1)
    actionmailer (5.0.7.2)
      actionpack (= 5.0.7.2)
      actionview (= 5.0.7.2)
      activejob (= 5.0.7.2)
      mail (~> 2.5, >= 2.5.4)
      rails-dom-testing (~> 2.0)
    actionpack (5.0.7.2)
      actionview (= 5.0.7.2)
      activesupport (= 5.0.7.2)
      rack (~> 2.0)
      rack-test (~> 0.6.3)
      rails-dom-testing (~> 2.0)
      rails-html-sanitizer (~> 1.0, >= 1.0.2)
    actionview (5.0.7.2)
      activesupport (= 5.0.7.2)
      builder (~> 3.1)
      erubis (~> 2.7.0)
      rails-dom-testing (~> 2.0)
      rails-html-sanitizer (~> 1.0, >= 1.0.3)
    activejob (5.0.7.2)
      activesupport (= 5.0.7.2)
      globalid (>= 0.3.6)
    activemodel (5.0.7.2)
      activesupport (= 5.0.7.2)
    activerecord (5.0.7.2)
      activemodel (= 5.0.7.2)
      activesupport (= 5.0.7.2)
      arel (~> 7.0)
    activesupport (5.0.7.2)
      concurrent-ruby (~> 1.0, >= 1.0.2)
      i18n (>= 0.7, < 2)
      minitest (~> 5.1)
      tzinfo (~> 1.1)
    acts-as-taggable-on (4.0.0)
      activerecord (>= 4.0)
    acts_as_tree (2.9.1)
      activerecord (>= 3.0.0)
    addressable (2.6.0)
      public_suffix (>= 2.0.2, < 4.0)
    ambry (1.0.0)
    apipie-rails (0.5.18)
      rails (>= 4.1)
    arel (7.1.4)
    auto_html (1.6.4)
      redcarpet (~> 3.1)
      rinku (~> 1.5.0)
    bcrypt (3.1.16)
    biggs (0.3.3)
      activerecord (>= 3.0)
    binding_of_caller (0.7.2)
      debug_inspector (>= 0.0.1)
    brakeman (3.7.2)
    builder (3.2.3)
    c32 (0.2.0)
    cancancan (1.15.0)
    capybara (2.18.0)
      addressable
      mini_mime (>= 0.1.3)
      nokogiri (>= 1.3.3)
      rack (>= 1.0.0)
      rack-test (>= 0.5.4)
      xpath (>= 2.0, < 4.0)
    carrierwave (0.11.2)
      activemodel (>= 3.2.0)
      activesupport (>= 3.2.0)
      json (>= 1.7)
      mime-types (>= 1.16)
      mimemagic (>= 0.3.0)
    charlock_holmes (0.7.7)
    chartkick (3.4.0)
    childprocess (0.7.1)
      ffi (~> 1.0, >= 1.0.11)
    cliver (0.3.2)
    coderay (1.1.1)
    coffee-rails (4.2.2)
      coffee-script (>= 2.2.0)
      railties (>= 4.0.0)
    coffee-script (2.4.1)
      coffee-script-source
      execjs
    coffee-script-source (1.12.2)
    colored (1.2)
    concurrent-ruby (1.1.5)
    connection_pool (2.2.3)
    crass (1.0.6)
    database_cleaner (1.6.1)
    debug_inspector (0.0.3)
    decent_exposure (3.0.2)
      activesupport (>= 4.0)
    devise (4.6.2)
      bcrypt (~> 3.0)
      orm_adapter (~> 0.1)
      railties (>= 4.1.0, < 6.0)
      responders
      warden (~> 1.2.3)
    devise_masquerade (0.5.3)
      devise (>= 2.1.0)
      railties (>= 3.0)
    devise_token_auth (1.1.0)
      devise (> 3.5.2, < 4.7)
      rails (>= 4.2.0, < 6)
    diff-lcs (1.3)
    discourse_api (0.42.0)
      faraday (~> 1.0)
      faraday_middleware (~> 1.0)
      rack (>= 1.6)
    domain_name (0.5.20180417)
      unf (>= 0.0.5, < 1.0.0)
    elasticsearch (7.9.0)
      elasticsearch-api (= 7.9.0)
      elasticsearch-transport (= 7.9.0)
    elasticsearch-api (7.9.0)
      multi_json
    elasticsearch-model (7.1.1)
      activesupport (> 3)
      elasticsearch (> 1)
      hashie
    elasticsearch-transport (7.9.0)
      faraday (~> 1)
      multi_json
    email_reply_parser (0.5.10)
    email_spec (2.1.1)
      htmlentities (~> 4.3.3)
      launchy (~> 2.1)
      mail (~> 2.6)
    erubis (2.7.0)
    eventmachine (1.2.7)
    excelinator (1.3.1)
      spreadsheet
    exception_notification (4.4.3)
      actionmailer (>= 4.0, < 7)
      activesupport (>= 4.0, < 7)
    excon (0.76.0)
    execjs (2.7.0)
    extended_email_reply_parser (0.5.1)
      activesupport
      charlock_holmes
      email_reply_parser (~> 0.5.9)
      mail
    factory_girl (4.8.0)
      activesupport (>= 3.0.0)
    factory_girl_rails (4.8.0)
      factory_girl (~> 4.8.0)
      railties (>= 3.0.0)
    faker (2.13.0)
      i18n (>= 1.6, < 2)
    faraday (1.0.1)
      multipart-post (>= 1.2, < 3)
    faraday_middleware (1.0.0)
      faraday (~> 1.0)
    ffi (1.11.1)
    fiedl-log (0.3.0)
      colored
    foreman (0.87.2)
    formtastic (3.1.5)
      actionpack (>= 3.2.13)
    gemoji (3.0.1)
    gender_detector (2.0.0)
    geocoder (1.6.3)
    globalid (0.4.2)
      activesupport (>= 4.2.0)
    groupdate (5.1.0)
      activesupport (>= 5)
    haml (4.0.7)
      tilt
    hashie (4.1.0)
    htmlentities (4.3.4)
    http-cookie (1.0.3)
      domain_name (~> 0.5)
    i18n (1.6.0)
      concurrent-ruby (~> 1.0)
    i18n-js (3.7.1)
      i18n (>= 0.6.6)
    iban-tools (1.1.0)
    icalendar (2.6.1)
      ice_cube (~> 0.16)
    ice_cube (0.16.3)
    image_processing (0.4.4)
    impressionist (1.6.1)
      nokogiri (~> 1)
    jquery-rails (4.4.0)
      rails-dom-testing (>= 1, < 3)
      railties (>= 4.2.0)
      thor (>= 0.14, < 2.0)
    json (2.3.1)
    judge (3.0.0)
      rails (>= 5.0)
    kgio (2.11.0)
    launchy (2.4.3)
      addressable (~> 2.3)
    letter_opener (1.4.1)
      launchy (~> 2.2)
    letter_opener_web (1.3.4)
      actionmailer (>= 3.2)
      letter_opener (~> 1.0)
      railties (>= 3.2)
    libv8 (7.3.492.27.1)
    loofah (2.4.0)
      crass (~> 1.0.2)
      nokogiri (>= 1.5.9)
    mail (2.6.6)
      mime-types (>= 1.16, < 4)
    mail_form (1.8.0)
      actionmailer (>= 5.0)
      activemodel (>= 5.0)
    merit (4.0.1)
      ambry (~> 1.0.0)
      zeitwerk
    method_source (0.8.2)
    mime-types (2.99.3)
    mimemagic (0.3.5)
    mini_magick (4.9.4)
    mini_mime (1.0.2)
    mini_portile2 (2.4.0)
    mini_racer (0.2.6)
      libv8 (>= 6.9.411)
    minitest (5.11.3)
    multi_json (1.15.0)
    multipart-post (2.1.1)
    mustermann (1.0.3)
    mysql2 (0.4.9)
    naturally (2.2.0)
    neography (1.8.0)
      excon (>= 0.33.0)
      json (>= 1.7.7)
      multi_json (>= 1.3.2)
      os (>= 0.9.6)
      rake (>= 0.8.7)
      rubyzip (>= 1.0.0)
    net-ldap (0.16.3)
    netrc (0.11.0)
    nio4r (2.3.1)
    nokogiri (1.10.9)
      mini_portile2 (~> 2.4.0)
    oauth (0.5.4)
    orm_adapter (0.5.0)
    os (1.1.1)
    parallel (1.12.0)
    parallel_tests (2.14.3)
      parallel
    pdf-core (0.6.1)
    phony (2.18.15)
    poltergeist (1.16.0)
      capybara (~> 2.1)
      cliver (~> 0.3.1)
      websocket-driver (>= 0.2.0)
    prawn (2.0.2)
      pdf-core (~> 0.6.0)
      ttfunk (~> 1.4.0)
    pry (0.10.4)
      coderay (~> 1.1.0)
      method_source (~> 0.8.1)
      slop (~> 3.4)
    pry-remote (0.1.8)
      pry (~> 0.9)
      slop (~> 3.0)
    public_activity (1.4.3)
      actionpack (>= 3.0.0)
      activerecord (>= 3.0)
      i18n (>= 0.5.0)
      railties (>= 3.0.0)
    public_suffix (3.1.1)
    rack (2.2.2)
    rack-cors (1.1.1)
      rack (>= 2.0.0)
    rack-mini-profiler (2.0.4)
      rack (>= 1.2.0)
    rack-protection (2.0.4)
      rack
    rack-ssl (1.4.1)
      rack
    rack-test (0.6.3)
      rack (>= 1.0)
    rails (5.0.7.2)
      actioncable (= 5.0.7.2)
      actionmailer (= 5.0.7.2)
      actionpack (= 5.0.7.2)
      actionview (= 5.0.7.2)
      activejob (= 5.0.7.2)
      activemodel (= 5.0.7.2)
      activerecord (= 5.0.7.2)
      activesupport (= 5.0.7.2)
      bundler (>= 1.3.0)
      railties (= 5.0.7.2)
      sprockets-rails (>= 2.0.0)
    rails-dom-testing (2.0.3)
      activesupport (>= 4.2.0)
      nokogiri (>= 1.6)
    rails-html-sanitizer (1.0.4)
      loofah (~> 2.2, >= 2.2.2)
    rails-i18n (5.1.3)
      i18n (>= 0.7, < 2)
      railties (>= 5.0, < 6)
    rails-settings-cached (0.7.1)
      rails (>= 4.2.0)
    railties (5.0.7.2)
      actionpack (= 5.0.7.2)
      activesupport (= 5.0.7.2)
      method_source
      rake (>= 0.8.7)
      thor (>= 0.18.1, < 2.0)
    raindrops (0.19.0)
    rake (13.0.1)
    rb-fsevent (0.10.3)
    rb-inotify (0.10.0)
      ffi (~> 1.0)
    rdiscount (2.2.0.2)
    redcarpet (3.5.1)
    redis (3.3.5)
    redis-actionpack (5.2.0)
      actionpack (>= 5, < 7)
      redis-rack (>= 2.1.0, < 3)
      redis-store (>= 1.1.0, < 2)
    redis-activesupport (5.2.0)
      activesupport (>= 3, < 7)
      redis-store (>= 1.3, < 2)
    redis-namespace (1.8.0)
      redis (>= 3.0.4)
    redis-rack (2.1.3)
      rack (>= 2.0.8, < 3)
      redis-store (>= 1.2, < 2)
    redis-rails (5.0.2)
      redis-actionpack (>= 5.0, < 6)
      redis-activesupport (>= 5.0, < 6)
      redis-store (>= 1.2, < 2)
    redis-store (1.6.0)
      redis (>= 2.2, < 5)
    responders (2.4.1)
      actionpack (>= 4.2.0, < 6.0)
      railties (>= 4.2.0, < 6.0)
    rest-client (1.8.0)
      http-cookie (>= 1.0.2, < 2.0)
      mime-types (>= 1.16, < 3.0)
      netrc (~> 0.7)
    reverse_markdown (2.0.0)
      nokogiri
    rinku (1.5.1)
    rspec (3.6.0)
      rspec-core (~> 3.6.0)
      rspec-expectations (~> 3.6.0)
      rspec-mocks (~> 3.6.0)
    rspec-collection_matchers (1.1.3)
      rspec-expectations (>= 2.99.0.beta1)
    rspec-core (3.6.0)
      rspec-support (~> 3.6.0)
    rspec-expectations (3.6.0)
      diff-lcs (>= 1.2.0, < 2.0)
      rspec-support (~> 3.6.0)
    rspec-instafail (1.0.0)
      rspec
    rspec-its (1.2.0)
      rspec-core (>= 3.0.0)
      rspec-expectations (>= 3.0.0)
    rspec-mocks (3.6.0)
      diff-lcs (>= 1.2.0, < 2.0)
      rspec-support (~> 3.6.0)
    rspec-rails (3.6.1)
      actionpack (>= 3.0)
      activesupport (>= 3.0)
      railties (>= 3.0)
      rspec-core (~> 3.6.0)
      rspec-expectations (~> 3.6.0)
      rspec-mocks (~> 3.6.0)
      rspec-support (~> 3.6.0)
    rspec-retry (0.6.1)
      rspec-core (> 3.3)
    rspec-support (3.6.0)
    ruby-ole (1.2.12.2)
    ruby-trello (2.3.1)
      activemodel (>= 3.2.0)
      addressable (~> 2.3)
      json (>= 2.3.0)
      oauth (>= 0.4.5)
      rest-client (>= 1.8.0)
    rubyzip (1.3.0)
    sass (3.7.4)
      sass-listen (~> 4.0.0)
    sass-listen (4.0.0)
      rb-fsevent (~> 0.9, >= 0.9.4)
      rb-inotify (~> 0.9, >= 0.9.7)
    sass-rails (5.0.7)
      railties (>= 4.0.0, < 6)
      sass (~> 3.1)
      sprockets (>= 2.8, < 4.0)
      sprockets-rails (>= 2.0, < 4.0)
      tilt (>= 1.1, < 3)
    selenium-webdriver (3.5.1)
      childprocess (~> 0.5)
      rubyzip (~> 1.0)
    sepa_king (0.12.0)
      activemodel (>= 3.1)
      iban-tools
      nokogiri
    sidekiq (4.2.10)
      concurrent-ruby (~> 1.0)
      connection_pool (~> 2.2, >= 2.2.0)
      rack-protection (>= 1.5.0)
      redis (~> 3.2, >= 3.2.1)
    simple_form (5.0.2)
      actionpack (>= 5.0)
      activemodel (>= 5.0)
    sinatra (2.0.4)
      mustermann (~> 1.0)
      rack (~> 2.0)
      rack-protection (= 2.0.4)
      tilt (~> 2.0)
    slop (3.6.0)
    spreadsheet (1.2.6)
      ruby-ole (>= 1.0)
    spring (2.1.1)
    sprockets (3.7.2)
      concurrent-ruby (~> 1.0)
      rack (> 1, < 3)
    sprockets-rails (3.2.1)
      actionpack (>= 4.0)
      activesupport (>= 4.0)
      sprockets (>= 3.0.0)
    sugar-rails (1.4.1)
      railties (>= 3.0.0)
    table-formatter (0.7.0)
      c32 (~> 0.2, >= 0.2.0)
      rdiscount (~> 2.2, >= 2.2.0.1)
    thor (0.19.4)
    thread_safe (0.3.6)
    tilt (2.0.10)
    timecop (0.9.1)
    to_xls (1.5.3)
      spreadsheet
    ttfunk (1.4.0)
    turbolinks (5.1.1)
      turbolinks-source (~> 5.1)
    turbolinks-source (5.1.0)
    tzinfo (1.2.5)
      thread_safe (~> 0.1)
    uglifier (4.1.10)
      execjs (>= 0.3.0, < 3)
    unf (0.1.4)
      unf_ext
    unf_ext (0.0.7.5)
    unicorn (5.3.0)
      kgio (~> 2.6)
      raindrops (~> 0.7)
    vcardigan (0.0.9)
    wannabe_bool (0.7.1)
    warden (1.2.9)
      rack (>= 2.0.9)
    websocket-driver (0.6.5)
      websocket-extensions (>= 0.1.0)
    websocket-extensions (0.1.4)
    xpath (3.2.0)
      nokogiri (~> 1.8)
    yard (0.9.20)
    zeitwerk (2.4.0)

PLATFORMS
  ruby

DEPENDENCIES
  acts-as-dag!
  binding_of_caller!
  brakeman (>= 2.3.1)!
  capybara!
  coffee-rails (>= 4.0.0)!
  colored!
  database_cleaner!
  email_spec!
  execjs!
  factory_girl_rails!
  json!
  letter_opener!
  letter_opener_web!
  mini_racer!
  mysql2!
  nokogiri (>= 1.7.1)!
  parallel_tests!
  poltergeist!
  pry!
  pry-remote!
  rails (~> 5.0)!
  rails-settings-cached (= 0.7.1)!
  redcarpet!
  refile!
  refile-mini_magick!
  rspec-collection_matchers!
  rspec-instafail!
  rspec-its!
  rspec-rails!
  rspec-retry!
  rubyzip (>= 1.2.1)!
  sass-rails!
  selenium-webdriver!
  spring!
  timecop!
  turbolinks!
  uglifier (>= 1.3.0)!
  unicorn!
  yard!
  your_platform!

RUBY VERSION
   ruby 2.7.1p83

BUNDLED WITH
   2.1.4
